GEM
  remote: https://gems.railslts.com/
  specs:
    actionmailer (4.2.11.38)
      actionpack (= 4.2.11.38)
      actionview (= 4.2.11.38)
      activejob (= 4.2.11.38)
      mail (~> 2.5, >= 2.5.4)
      rails-dom-testing (~> 1.0, >= 1.0.5)
    actionpack (4.2.11.38)
      actionview (= 4.2.11.38)
      activesupport (= 4.2.11.38)
      rack (~> 1.6)
      rack-test (~> 0.6.2)
      rails-dom-testing (~> 1.0, >= 1.0.5)
      rails-html-sanitizer (~> 1.0, >= 1.0.2)
    actionview (4.2.11.38)
      activesupport (= 4.2.11.38)
      builder (~> 3.1)
      erubis (~> 2.7.0)
      rails-dom-testing (~> 1.0, >= 1.0.5)
      rails-html-sanitizer (~> 1.0, >= 1.0.3)
    activejob (4.2.11.38)
      activesupport (= 4.2.11.38)
      globalid (>= 0.3.0)
    activemodel (4.2.11.38)
      activesupport (= 4.2.11.38)
      builder (~> 3.1)
    activerecord (4.2.11.38)
      activemodel (= 4.2.11.38)
      activesupport (= 4.2.11.38)
      arel (~> 6.0)
    activesupport (4.2.11.38)
      i18n (>= 0.7, < 2)
      minitest (~> 5.1)
      thread_safe (~> 0.3, >= 0.3.4)
      tzinfo (~> 1.2, >= 1.2.10)
    rack (1.6.13.17)
    rails (4.2.11.38)
      actionmailer (= 4.2.11.38)
      actionpack (= 4.2.11.38)
      actionview (= 4.2.11.38)
      activejob (= 4.2.11.38)
      activemodel (= 4.2.11.38)
      activerecord (= 4.2.11.38)
      activesupport (= 4.2.11.38)
      bundler (>= 1.3.0)
      railslts-version (= 4.2.11.38)
      railties (= 4.2.11.38)
      sprockets-rails
    railslts-version (4.2.11.38)
    railties (4.2.11.38)
      actionpack (= 4.2.11.38)
      activesupport (= 4.2.11.38)
      rake (>= 0.8.7)
      thor (>= 0.18.1, < 2.0)

GEM
  remote: https://rubygems.org/
  specs:
    arel (6.0.4)
    base64 (0.2.0)
    bigdecimal (3.1.9)
    builder (3.3.0)
    coffee-rails (4.1.1)
      coffee-script (>= 2.2.0)
      railties (>= 4.0.0, < 5.1.x)
    coffee-script (2.4.1)
      coffee-script-source
      execjs
    coffee-script-source (1.12.2)
    concurrent-ruby (1.3.5)
    crass (1.0.6)
    date (3.4.1)
    erubis (2.7.0)
    execjs (2.7.0)
    ffi (1.14.2)
    globalid (0.4.2)
      activesupport (>= 4.2.0)
    i18n (1.14.7)
      concurrent-ruby (~> 1.0)
    jbuilder (2.9.1)
      activesupport (>= 4.2.0)
    jquery-rails (4.4.0)
      rails-dom-testing (>= 1, < 3)
      railties (>= 4.2.0)
      thor (>= 0.14, < 2.0)
    json (1.8.6)
    loofah (2.24.0)
      crass (~> 1.0.2)
      nokogiri (>= 1.12.0)
    mail (2.8.1)
      mini_mime (>= 0.1.1)
      net-imap
      net-pop
      net-smtp
    mini_mime (1.1.5)
    mini_portile2 (2.8.8)
    minitest (5.25.4)
    mutex_m (0.3.0)
    net-imap (0.5.5)
      date
      net-protocol
    net-pop (0.1.2)
      net-protocol
    net-protocol (0.2.2)
      timeout
    net-smtp (0.5.0)
      net-protocol
    nio4r (2.7.4)
    nokogiri (1.18.2)
      mini_portile2 (~> 2.8.2)
      racc (~> 1.4)
    pg (1.5.9)
    puma (5.2.0)
      nio4r (~> 2.0)
    racc (1.8.1)
    rack-test (0.6.3)
      rack (>= 1.0)
    rails-deprecated_sanitizer (1.0.4)
      activesupport (>= 4.2.0.alpha)
    rails-dom-testing (1.0.9)
      activesupport (>= 4.2.0, < 5.0)
      nokogiri (~> 1.6)
      rails-deprecated_sanitizer (>= 1.0.1)
    rails-html-sanitizer (1.6.2)
      loofah (~> 2.21)
      nokogiri (>= 1.15.7, != 1.16.7, != 1.16.6, != 1.16.5, != 1.16.4, != 1.16.3, != 1.16.2, != 1.16.1, != 1.16.0.rc1, != 1.16.0)
    rails_12factor (0.0.3)
      rails_serve_static_assets
      rails_stdout_logging
    rails_serve_static_assets (0.0.5)
    rails_stdout_logging (0.0.5)
    rake (13.2.1)
    rb-fsevent (0.10.4)
    rb-inotify (0.10.1)
      ffi (~> 1.0)
    rdoc (4.3.0)
    ruby3-backward-compatibility (1.4.0)
    sass (3.7.4)
      sass-listen (~> 4.0.0)
    sass-listen (4.0.0)
      rb-fsevent (~> 0.9, >= 0.9.4)
      rb-inotify (~> 0.9, >= 0.9.7)
    sass-rails (5.0.7)
      railties (>= 4.0.0, < 6)
      sass (~> 3.1)
      sprockets (>= 2.8, < 4.0)
      sprockets-rails (>= 2.0, < 4.0)
      tilt (>= 1.1, < 3)
    sdoc (0.4.2)
      json (~> 1.7, >= 1.7.7)
      rdoc (~> 4.0)
    sprockets (3.7.5)
      base64
      concurrent-ruby (~> 1.0)
      rack (> 1, < 3)
    sprockets-rails (3.2.2)
      actionpack (>= 4.0)
      activesupport (>= 4.0)
      sprockets (>= 3.0.0)
    thor (1.3.2)
    thread_safe (0.3.6)
    tilt (2.0.10)
    timeout (0.4.3)
    turbolinks (5.2.1)
      turbolinks-source (~> 5.2)
    turbolinks-source (5.2.0)
    tzinfo (1.2.11)
      thread_safe (~> 0.1)
    uglifier (4.2.0)
      execjs (>= 0.3.0, < 3)

PLATFORMS
  ruby

DEPENDENCIES
  actionmailer!
  actionpack!
  actionview!
  activejob!
  activemodel!
  activerecord!
  activesupport!
  bigdecimal
  coffee-rails (~> 4.1.0)
  jbuilder (~> 2.0)
  jquery-rails
  mutex_m
  pg
  puma
  rails (~> 4.2.10)!
  rails_12factor
  railslts-version!
  railties!
  ruby3-backward-compatibility
  sass-rails (~> 5.0)
  sdoc (~> 0.4.0)
  turbolinks
  uglifier (>= 1.3.0)

BUNDLED WITH
   2.6.3
